GEM
  specs:
    coderay (1.1.2)
    method_source (0.9.2)
    pry (0.12.2)
      coderay (~> 1.1.0)
      method_source (~> 0.9.0)
    rack (2.0.6)
    roda (3.18.0)
      rack
    sequel (4.48.0)
    sqlite3 (1.3.13)

PLATFORMS
  ruby

DEPENDENCIES
  pry
  roda
  sequel
  sqlite3

RUBY VERSION
   ruby 2.6.0p0

BUNDLED WITH
   1.17.2
